GEM
  remote: https://rubygems.org/
  remote: http://gems.je-labs.com:8808/
  specs:
    active_utils (2.0.1)
      activesupport (>= 2.3.11)
      i18n
    activemerchant (1.42.5)
      active_utils (~> 2.0, >= 2.0.1)
      activesupport (>= 2.3.14, < 5.0.0)
      builder (>= 2.1.2, < 4.0.0)
      i18n (~> 0.5)
      json (~> 1.7)
      money (< 7.0.0)
      nokogiri (~> 1.4)
    activesupport (3.2.13)
      i18n (= 0.6.1)
      multi_json (~> 1.0)
    albacore (0.3.5)
      rubyzip
    builder (3.2.2)
    cabin (0.6.1)
    childprocess (0.5.1)
      ffi (~> 1.0, >= 1.0.11)
    climate_control (0.0.3)
      activesupport (>= 3.0)
    cocaine (0.5.1)
      climate_control (>= 0.0.3, < 1.0)
    coderay (1.0.9)
    colorize (0.5.8)
    columnize (0.3.6)
    cucumber (1.3.2)
      builder (>= 2.1.2)
      diff-lcs (>= 1.1.3)
      gherkin (~> 2.12.0)
      multi_json (~> 1.3)
    debugger (1.6.0)
      columnize (>= 0.3.1)
      debugger-linecache (~> 1.2.0)
      debugger-ruby_core_source (~> 1.2.1)
    debugger-linecache (1.2.0)
    debugger-ruby_core_source (1.2.2)
    diff-lcs (1.2.5)
    factory_girl (4.4.0)
      activesupport (>= 3.0.0)
    ffi (1.9.3-x86-mingw32)
    gherkin (2.12.2-x86-mingw32)
      multi_json (~> 1.3)
    i18n (0.6.1)
    json (1.8.1)
    log4r-color (1.2.2)
      colorize
      scribe
    method_source (0.8.1)
    mime-types (2.1)
    money (5.1.1)
      i18n (~> 0.6.0)
    multi_json (1.7.4)
    nokogiri (1.5.9-x86-mingw32)
    pry (0.9.12.2-x86-mingw32)
      coderay (~> 1.0.5)
      method_source (~> 0.8)
      slop (~> 3.4)
      win32console (~> 1.3)
    pry-debugger (0.2.2)
      debugger (~> 1.3)
      pry (~> 0.9.10)
    rake (10.0.4)
    rest-client (1.6.7)
      mime-types (>= 1.16)
    retryable-rb (1.1.0.1)
    rspec (2.14.1)
      rspec-core (~> 2.14.0)
      rspec-expectations (~> 2.14.0)
      rspec-mocks (~> 2.14.0)
    rspec-core (2.14.7)
    rspec-expectations (2.14.5)
      diff-lcs (>= 1.1.3, < 2.0)
    rspec-mocks (2.14.5)
    rubyzip (0.9.9)
    scribe (0.2.4)
      rake
      thrift_client (~> 0.6)
    sequel (4.7.0)
    slop (3.4.5)
    syntax (1.2.0)
    thrift (0.9.0)
    thrift_client (0.9.2)
      thrift (~> 0.9.0)
    win32console (1.3.2-x86-mingw32)
    yamler (0.1.0)

PLATFORMS
  x86-mingw32

DEPENDENCIES
  activemerchant
  albacore
  bundler
  cabin
  childprocess
  cocaine
  cucumber
  factory_girl
  log4r-color
  nokogiri
  pry
  pry-debugger
  rake
  rest-client
  retryable-rb (>= 1.1.0.1)
  rspec
  sequel
  syntax
  yamler
