GEM
  remote: https://rubygems.org/
  specs:
    activesupport (3.2.13)
      i18n (= 0.6.1)
      multi_json (~> 1.0)
    albacore (0.3.5)
      rubyzip
    climate_control (0.0.3)
      activesupport (>= 3.0)
    cocaine (0.5.1)
      climate_control (>= 0.0.3, < 1.0)
    coderay (1.0.9)
    colorize (0.5.8)
    columnize (0.3.6)
    debugger (1.6.0)
      columnize (>= 0.3.1)
      debugger-linecache (~> 1.2.0)
      debugger-ruby_core_source (~> 1.2.1)
    debugger-linecache (1.2.0)
    debugger-ruby_core_source (1.2.2)
    i18n (0.6.1)
    log4r-color (1.2.2)
      colorize
      scribe
    method_source (0.8.1)
    multi_json (1.7.4)
    nokogiri (1.5.9-x86-mingw32)
    pry (0.9.12.2-x86-mingw32)
      coderay (~> 1.0.5)
      method_source (~> 0.8)
      slop (~> 3.4)
      win32console (~> 1.3)
    pry-debugger (0.2.2)
      debugger (~> 1.3)
      pry (~> 0.9.10)
    rake (10.0.4)
    rubyzip (0.9.9)
    scribe (0.2.4)
      rake
      thrift_client (~> 0.6)
    slop (3.4.5)
    thrift (0.9.0)
    thrift_client (0.9.2)
      thrift (~> 0.9.0)
    win32console (1.3.2-x86-mingw32)

PLATFORMS
  x86-mingw32

DEPENDENCIES
  albacore
  bundler
  cocaine
  log4r-color
  nokogiri
  pry
  pry-debugger
  rake
